GEM
  remote: http://rubygems.org/
  specs:
    activesupport (3.0.9)
    capistrano (2.6.0)
      highline
      net-scp (>= 1.0.0)
      net-sftp (>= 2.0.0)
      net-ssh (>= 2.0.14)
      net-ssh-gateway (>= 1.1.0)
    coderay (0.9.8)
    haml (3.1.2)
    haml-coderay (0.1.2)
      coderay
      haml
    highline (1.6.2)
    i18n (0.6.0)
    net-scp (1.0.4)
      net-ssh (>= 1.99.1)
    net-sftp (2.0.5)
      net-ssh (>= 2.0.9)
    net-ssh (2.1.4)
    net-ssh-gateway (1.1.0)
      net-ssh (>= 1.99.1)
    rack (1.3.1)
    rack-cache (1.0.2)
      rack (>= 0.4)
    railsless-deploy (1.0.2)
    sinatra (1.2.6)
      rack (~> 1.1)
      tilt (>= 1.2.2, < 2.0)
    sinatra_more (0.3.43)
      activesupport
      bundler (>= 0.9.2)
      sinatra (>= 0.9.2)
      thor (>= 0.11.8)
      tilt (>= 0.2)
    thor (0.14.6)
    tilt (1.3.2)

PLATFORMS
  ruby

DEPENDENCIES
  capistrano
  haml
  haml-coderay
  i18n
  rack-cache
  railsless-deploy
  sinatra
  sinatra_more
